PATH
  remote: .
  specs:
    empty_gem (0.0.1)

GEM
  remote: http://rubygems.org/
  specs:
    builder (3.0.4)
    columnize (0.3.6)
    cucumber (1.2.1)
      builder (>= 2.1.2)
      diff-lcs (>= 1.1.3)
      gherkin (~> 2.11.0)
      json (>= 1.4.6)
    debugger (1.2.3)
      columnize (>= 0.3.1)
      debugger-linecache (~> 1.1.1)
      debugger-ruby_core_source (~> 1.1.5)
    debugger-linecache (1.1.2)
      debugger-ruby_core_source (>= 1.1.1)
    debugger-ruby_core_source (1.1.6)
    diff-lcs (1.1.3)
    gherkin (2.11.5-x86-mingw32)
      json (>= 1.4.6)
    json (1.7.6)
    rake (10.0.3)
    rspec (2.12.0)
      rspec-core (~> 2.12.0)
      rspec-expectations (~> 2.12.0)
      rspec-mocks (~> 2.12.0)
    rspec-core (2.12.2)
    rspec-expectations (2.12.1)
      diff-lcs (~> 1.1.3)
    rspec-mocks (2.12.1)

PLATFORMS
  x86-mingw32

DEPENDENCIES
  bundler
  cucumber
  debugger
  empty_gem!
  rake
  rspec
